PATH
  remote: .
  specs:
    signore (0.1.2)
      lovely-rufus (>= 0.0.2)

GEM
  remote: https://rubygems.org/
  specs:
    lovely-rufus (0.0.3)
    minitest (4.6.2)

PLATFORMS
  ruby

DEPENDENCIES
  minitest (~> 4.0)
  signore!
