PATH
  remote: .
  specs:
    signore (0.1.2)
      lovely-rufus (>= 0.0.2)
      trollop

GEM
  remote: http://rubygems.org/
  specs:
    lovely-rufus (0.0.2)
    minitest (3.5.0)
    rake (0.9.2.2)
    trollop (2.0)

PLATFORMS
  ruby

DEPENDENCIES
  minitest (~> 3.0)
  rake
  signore!
