PATH
  remote: .
  specs:
    signore (0.1.2)
      lovely-rufus (>= 0.0.2)

GEM
  remote: https://rubygems.org/
  specs:
    lovely-rufus (0.0.3)
    minitest (5.0.8)

PLATFORMS
  ruby

DEPENDENCIES
  minitest
  signore!
