PATH
  remote: .
  specs:
    signore (0.1.2)
      lovely-rufus (>= 0.0.2)
      trollop

GEM
  remote: http://rubygems.org/
  specs:
    ffi (1.1.5)
    listen (0.5.3)
    lovely-rufus (0.0.2)
    minitest (4.1.0)
    rake (0.9.2.2)
    rb-inotify (0.8.8)
      ffi (>= 0.5.0)
    rerun (0.7.1)
      listen
    trollop (2.0)

PLATFORMS
  ruby

DEPENDENCIES
  minitest (~> 4.0)
  rake
  rb-inotify
  rerun
  signore!
