PATH
  remote: .
  specs:
    signore (0.1.2)
      lovely-rufus (>= 0.0.2)

GEM
  remote: https://rubygems.org/
  specs:
    ast (1.1.0)
    lovely-rufus (0.0.3)
    minitest (5.0.8)
    parser (2.0.0.pre8)
      ast (~> 1.1)
      slop (~> 3.4, >= 3.4.5)
    powerpack (0.0.8)
    rainbow (1.1.4)
    rubocop (0.13.1)
      parser (~> 2.0.0.pre6)
      powerpack (~> 0.0.6)
      rainbow (>= 1.1.4)
    slop (3.4.6)

PLATFORMS
  ruby

DEPENDENCIES
  minitest
  rubocop
  signore!
