GIT
  remote: git://github.com/guard/listen.git
  revision: ac93c7dfffa0400c49d24b13ad0a61981b081f59
  specs:
    listen (0.7.2)

PATH
  remote: .
  specs:
    signore (0.1.2)
      lovely-rufus (>= 0.0.2)
      trollop

GEM
  remote: http://rubygems.org/
  specs:
    ffi (1.3.1)
    lovely-rufus (0.0.3)
    minitest (4.5.0)
    rake (10.0.3)
    rb-inotify (0.9.0)
      ffi (>= 0.5.0)
    rerun (0.7.1)
      listen
    trollop (2.0)

PLATFORMS
  ruby

DEPENDENCIES
  listen!
  minitest (~> 4.0)
  rake
  rb-inotify
  rerun
  signore!
