GIT
  remote: git://github.com/guard/listen.git
  revision: af4d62bad3425f1f2a57958fa455bfd532d959fc
  specs:
    listen (0.7.2)

PATH
  remote: .
  specs:
    signore (0.1.2)
      lovely-rufus (>= 0.0.2)

GEM
  remote: https://rubygems.org/
  specs:
    ffi (1.4.0)
    lovely-rufus (0.0.3)
    minitest (4.6.1)
    rake (10.0.3)
    rb-inotify (0.9.0)
      ffi (>= 0.5.0)
    rerun (0.8.0)
      listen

PLATFORMS
  ruby

DEPENDENCIES
  listen!
  minitest (~> 4.0)
  rake
  rb-inotify
  rerun
  signore!
