PATH
  remote: .
  specs:
    signore (0.1.2)
      lovely-rufus (>= 0.0.2)
      trollop

GEM
  remote: http://rubygems.org/
  specs:
    lovely-rufus (0.0.2)
    minitest (3.3.0)
    rake (0.9.2.2)
    trollop (1.16.2)

PLATFORMS
  ruby

DEPENDENCIES
  minitest (>= 2.12)
  rake
  signore!
