PATH
  remote: .
  specs:
    signore (0.1.0)
      lovely-rufus
      trollop

GEM
  remote: http://rubygems.org/
  specs:
    lovely-rufus (0.0.1)
    minitest (2.11.4)
    rake (0.9.2.2)
    trollop (1.16.2)

PLATFORMS
  ruby

DEPENDENCIES
  minitest (>= 2.3)
  rake
  signore!
