PATH
  remote: .
  specs:
    signore (0.2.0)
      lovely_rufus (~> 0.1.1)

GEM
  remote: https://rubygems.org/
  specs:
    ast (1.1.0)
    json (1.8.1)
    lovely_rufus (0.1.1)
    minitest (5.3.1)
    parser (2.1.7)
      ast (~> 1.1)
      slop (~> 3.4, >= 3.4.5)
    powerpack (0.0.9)
    rainbow (2.0.0)
    reek (1.3.6)
      ruby2ruby (~> 2.0.7)
      ruby_parser (~> 3.2)
      sexp_processor
    rubocop (0.19.1)
      json (>= 1.7.7, < 2)
      parser (~> 2.1.7)
      powerpack (~> 0.0.6)
      rainbow (>= 1.99.1, < 3.0)
      ruby-progressbar (~> 1.4)
    ruby-progressbar (1.4.2)
    ruby2ruby (2.0.7)
      ruby_parser (~> 3.1)
      sexp_processor (~> 4.0)
    ruby_parser (3.4.1)
      sexp_processor (~> 4.1)
    sexp_processor (4.4.2)
    slop (3.5.0)

PLATFORMS
  ruby

DEPENDENCIES
  minitest (~> 5.0)
  reek (~> 1.3)
  rubocop (~> 0.19.0)
  signore!
