PATH
  remote: .
  specs:
    signore (0.0.0)
      trollop

GEM
  remote: http://rubygems.org/
  specs:
    minitest (2.6.1)
    rake (0.9.2)
    trollop (1.16.2)

PLATFORMS
  ruby

DEPENDENCIES
  minitest (>= 2.3)
  rake
  signore!
